PATH
  remote: .
  specs:
    linked_list_impl (0.1.0)
      data_error_library (~> 0.1.0)
      linked_list_int (~> 0.1.0)
      node (~> 2.0.0)
      node_error (~> 2.0.0)

GEM
  remote: https://rubygems.org/
  specs:
    data_error (1.1.5)
    data_error_impl (1.4.4)
      data_error (~> 1.1.2)
    data_error_library (0.1.0)
      data_error (~> 1.1.5)
      data_error_impl (~> 1.4.4)
    data_structure_error (1.2.1)
    docile (1.3.2)
    json (2.3.0)
    linked_list_int (0.1.0)
    minitest (5.14.0)
    node (2.0.0)
      node_impl (~> 0.1.0)
      node_int (~> 0.1.1)
    node_error (2.0.0)
      node_error_impl (~> 0.1.0)
      node_error_int (~> 0.1.0)
    node_error_impl (0.1.0)
      node_error_int (~> 0.1.0)
    node_error_int (0.1.0)
      data_structure_error (~> 1.2.0)
    node_impl (0.1.1)
      node_int (~> 0.1.0)
    node_int (0.1.2)
    rake (13.0.1)
    simplecov (0.17.1)
      docile (~> 1.1)
      json (>= 1.8, < 3)
      simplecov-html (~> 0.10.0)
    simplecov-html (0.10.2)

PLATFORMS
  ruby

DEPENDENCIES
  bundler (~> 2.1.2)
  data_error_library (~> 0.1.0)
  linked_list_impl!
  linked_list_int (~> 0.1.0)
  minitest (~> 5.0)
  node (~> 2.0.0)
  node_error (~> 2.0.0)
  rake (~> 13.0)
  simplecov (~> 0.17.1)

BUNDLED WITH
   2.1.2
